GEM
  remote: http://rubygems.org/
  specs:
    byebug (11.0.1)

PLATFORMS
  x64-mingw32

DEPENDENCIES
  byebug

BUNDLED WITH
   1.17.3
